GEM
  remote: https://rubygems.org/
  specs:
    RedCloth (4.2.9)

PLATFORMS
  ruby

DEPENDENCIES
  RedCloth

RUBY VERSION
   ruby 2.4.1p111

BUNDLED WITH
   1.16.1
